PATH
  remote: .
  specs:
    test-api (0.0.1)
      json (~> 2.0)
      jsonapi-serializers (~> 0.16)
      sinatra (>= 2.0.0.beta2, < 3)
      sinatra-contrib (>= 2.0.0.beta2, < 3)
      sinja (~> 1.2)

GEM
  remote: https://rubygems.org/
  specs:
    activesupport (5.0.1)
      concurrent-ruby (~> 1.0, >= 1.0.2)
      i18n (~> 0.7)
      minitest (~> 5.1)
      tzinfo (~> 1.1)
    backports (3.6.8)
    concurrent-ruby (1.0.4)
    i18n (0.8.0)
    json (2.0.3)
    jsonapi-serializers (0.16.1)
      activesupport
    minitest (5.10.1)
    multi_json (1.12.1)
    mustermann (1.0.0.beta2)
    rack (2.0.1)
    rack-protection (2.0.0.beta2)
      rack
    rack-test (0.6.3)
      rack (>= 1.0)
    sinatra (2.0.0.beta2)
      mustermann (= 1.0.0.beta2)
      rack (~> 2.0)
      rack-protection (= 2.0.0.beta2)
      tilt (~> 2.0)
    sinatra-contrib (2.0.0.beta2)
      backports (>= 2.0)
      multi_json
      mustermann (= 1.0.0.beta2)
      rack-protection (= 2.0.0.beta2)
      rack-test
      sinatra (= 2.0.0.beta2)
      tilt (>= 1.3, < 3)
    sinja (1.2.3)
      activesupport (>= 4.2.7.1, < 6)
      json (>= 1.8.3, < 3)
      jsonapi-serializers (~> 0.16)
      mustermann (>= 1.0.0.beta2, < 2)
      sinatra (>= 1.4.7, < 3)
      sinatra-contrib (>= 1.4.7, < 3)
    thread_safe (0.3.5)
    tilt (2.0.6)
    tzinfo (1.2.2)
      thread_safe (~> 0.1)

PLATFORMS
  ruby

DEPENDENCIES
  test-api!

BUNDLED WITH
   1.14.4
